GEM
  remote: https://rubygems.org/
  specs:
    aigu (1.2)
      nokogiri (~> 1.6)
    mini_portile2 (2.8.6)
    nokogiri (1.16.5)
      mini_portile2 (~> 2.8.2)
      racc (~> 1.4)
    racc (1.7.3)

PLATFORMS
  ruby

DEPENDENCIES
  aigu

BUNDLED WITH
   1.16.2
